PATH
  remote: .
  specs:
    twfarm (0.1.0)
      sqlite3 (~> 1.4.2)
      thor

GEM
  remote: https://rubygems.org/
  specs:
    rake (13.0.3)
    sqlite3 (1.4.2)
    thor (1.1.0)

PLATFORMS
  ruby

DEPENDENCIES
  bundler
  rake (~> 13.0)
  twfarm!

BUNDLED WITH
   2.1.4
